GEM
  remote: http://rubygems.org/
  specs:
    bourne (1.0)
      mocha (= 0.9.8)
    memcached (1.0.2)
    mocha (0.9.8)
      rake
    rake (0.8.7)
    redis (2.1.1)
    rspec (1.3.1)

PLATFORMS
  ruby

DEPENDENCIES
  bourne
  memcached
  redis
  rspec (= 1.3.1)
